GEM
  remote: https://rubygems.org/
  specs:
    faraday (0.12.2)
      multipart-post (>= 1.2, < 3)
    json (2.1.0)
    multipart-post (2.0.0)
    mustermann (1.0.0)
    opentracing (0.3.0)
    rack (2.0.3)
    rack-protection (2.0.0)
      rack
    rack-test (0.7.0)
      rack (>= 1.0, < 3)
    sinatra (2.0.0)
      mustermann (~> 1.0)
      rack (~> 2.0)
      rack-protection (= 2.0.0)
      tilt (~> 2.0)
    tilt (2.0.8)
    zipkin (0.3.0)
      json
      opentracing (~> 0.3)

PLATFORMS
  ruby

DEPENDENCIES
  faraday
  opentracing
  rack
  rack-test
  sinatra
  zipkin

BUNDLED WITH
   1.15.3
